PATH
  remote: .
  specs:
    reviser (0.0.1.1.pre.beta)

GEM
  remote: http://rubygems.org/
  specs:
    ffi (1.9.8-x64-mingw32)
    ffi (1.9.8-x86-mingw32)
    git (1.2.9.1)
    mime-types (2.4.3)
    netrc (0.10.3)
    rake (10.4.2)
    rest-client (1.7.3)
      mime-types (>= 1.16, < 3.0)
      netrc (~> 0.7)
    rest-client (1.7.3-x64-mingw32)
      ffi (~> 1.9)
      mime-types (>= 1.16, < 3.0)
      netrc (~> 0.7)
    rest-client (1.7.3-x86-mingw32)
      ffi (~> 1.9)
      mime-types (>= 1.16, < 3.0)
      netrc (~> 0.7)
    ruby-ole (1.2.11.8)
    rubyzip (1.1.7)
    spreadsheet (1.0.3)
      ruby-ole (>= 1.0)
    thor (0.19.1)

PLATFORMS
  ruby
  x64-mingw32
  x86-mingw32

DEPENDENCIES
  git (~> 1.2.9.1)
  rake (~> 10.4.2)
  rest-client (~> 1.7.3)
  reviser!
  ruby-ole (>= 1.0)
  rubyzip (~> 1.1.6)
  spreadsheet (~> 1.0.1)
  thor (~> 0.19.1)
