GEM
  specs:
    colorize (0.7.5)
    rubyzip (1.1.7)
    thor (0.19.1)

PLATFORMS
  ruby
  x64-mingw32
  x86-mingw32

DEPENDENCIES
  colorize (~> 0.7.5)
  rubyzip (~> 1.1.6)
  thor (~> 0.19.1)
