GEM
  remote: https://rubygems.org/
  specs:
    redcarpet (3.2.2)
    rubyzip (1.1.6)
    seven_zip_ruby (1.2.4)
    yard (0.8.7.6)

PLATFORMS
  ruby

DEPENDENCIES
  redcarpet (~> 3.2.2)
  rubyzip (~> 1.1.6)
  seven_zip_ruby (~> 1.2.4)
  yard (~> 0.8.7.6)
