GEM
  remote: http://rubygems.org/
  specs:
    rake (10.4.2)
    redcarpet (3.2.2)
    ruby-ole (1.2.11.8)
    rubyzip (1.1.7)
    seven_zip_ruby (1.2.4)
    seven_zip_ruby (1.2.4-x64-mingw32)
    seven_zip_ruby (1.2.4-x86-mingw32)
    spreadsheet (1.0.1)
      ruby-ole (>= 1.0)
    thor (0.19.1)
    yard (0.8.7.6)

PLATFORMS
  ruby
  x64-mingw32
  x86-mingw32

DEPENDENCIES
  rake (~> 10.4.2)
  redcarpet (~> 3.2.2)
  ruby-ole (>= 1.0)
  rubyzip (~> 1.1.6)
  seven_zip_ruby (~> 1.2.4)
  spreadsheet (~> 1.0.1)
  thor (~> 0.19.1)
  yard (~> 0.8.7.6)
