PATH
  remote: .
  specs:
    reviser (0.0.2)
      colorize (~> 0.7, >= 0.7.5)
      git (~> 1.2, >= 1.2.9.1)
      rubyzip (~> 1.1, >= 1.1.7)
      spreadsheet (~> 1.0, >= 1.0.3)
      thor (~> 0.19, >= 0.19.1)
      w3c_validators (= 1.2)

GEM
  remote: http://rubygems.org/
  specs:
    colorize (0.7.5)
    git (1.2.9.1)
    json (1.8.2)
    mini_portile (0.6.2)
    nokogiri (1.6.6.2)
      mini_portile (~> 0.6.0)
    nokogiri (1.6.6.2-x64-mingw32)
      mini_portile (~> 0.6.0)
    nokogiri (1.6.6.2-x86-mingw32)
      mini_portile (~> 0.6.0)
    rake (10.4.2)
    ruby-ole (1.2.11.8)
    rubyzip (1.1.7)
    spreadsheet (1.0.3)
      ruby-ole (>= 1.0)
    thor (0.19.1)
    w3c_validators (1.2)
      json
      nokogiri

PLATFORMS
  ruby
  x64-mingw32
  x86-mingw32

DEPENDENCIES
  colorize (~> 0.7.5)
  git (~> 1.2.9.1)
  rake (~> 10.4.2)
  reviser!
  ruby-ole (>= 1.0)
  rubyzip (~> 1.1.6)
  spreadsheet (~> 1.0.1)
  thor (~> 0.19.1)
  w3c_validators (~> 1.2)
