GEM
  remote: http://rubygems.org/
  specs:
    git (1.2.9.1)
    rake (10.4.2)
    ruby-ole (1.2.11.8)
    rubyzip (1.1.7)
    spreadsheet (1.0.1)
      ruby-ole (>= 1.0)
    thor (0.19.1)

PLATFORMS
  ruby
  x64-mingw32
  x86-mingw32

DEPENDENCIES
  git (~> 1.2.9.1)
  rake (~> 10.4.2)
  ruby-ole (>= 1.0)
  rubyzip (~> 1.1.6)
  spreadsheet (~> 1.0.1)
  thor (~> 0.19.1)
